GEM
  remote: https://rubygems.org/
  specs:
    dotenv (2.8.1)
    pg (1.5.4)

PLATFORMS
  x86_64-linux

DEPENDENCIES
  dotenv (~> 2.7)
  pg

BUNDLED WITH
   2.3.7
